GEM
  remote: https://rubygems.org/
  specs:
    bson (4.2.2)
    excon (0.59.0)
    faraday (0.12.2)
      multipart-post (>= 1.2, < 3)
    jwt (1.5.6)
    libxml-ruby (3.0.0)
    mongo (2.4.3)
      bson (>= 4.2.1, < 5.0.0)
    multipart-post (2.0.0)
    mustermann (1.0.1)
    rack (2.0.3)
    rack-protection (2.0.0)
      rack
    sinatra (2.0.0)
      mustermann (~> 1.0)
      rack (~> 2.0)
      rack-protection (= 2.0.0)
      tilt (~> 2.0)
    spotify-client (0.0.10)
      excon (~> 0.37)
    tilt (2.0.8)
    twilio-ruby (5.3.0)
      faraday (~> 0.9)
      jwt (~> 1.5)
      libxml-ruby (>= 2.0, < 4.0)

PLATFORMS
  ruby

DEPENDENCIES
  mongo
  sinatra
  spotify-client
  twilio-ruby (~> 5.3.0)

BUNDLED WITH
   1.15.4
